PATH
  remote: .
  specs:
    dinero_mail_ipn (0.1.0)
      httparty (~> 0.7.6)
      nokogiri (~> 1.4.4)

GEM
  remote: http://rubygems.org/
  specs:
    crack (0.1.8)
    fakeweb (1.3.0)
    httparty (0.7.8)
      crack (= 0.1.8)
    nokogiri (1.4.7)
    shoulda (2.11.3)

PLATFORMS
  ruby

DEPENDENCIES
  dinero_mail_ipn!
  fakeweb (~> 1.3.0)
  shoulda (~> 2.11.3)
